GIT
  remote: https://github.com/prawnpdf/prawn.git
  revision: f4fd13a522f1c4e8f7e853361284c6ef0ecb65b1
  branch: master
  specs:
    prawn (1.0.0.rc2)
      afm
      pdf-reader (~> 1.2)
      ruby-rc4
      ttfunk (~> 1.0.3)

GEM
  remote: https://rubygems.org/
  specs:
    Ascii85 (1.0.2)
    afm (0.2.0)
    hashery (2.1.1)
    httparty (0.11.0)
      multi_json (~> 1.0)
      multi_xml (>= 0.5.2)
    minitest (5.0.6)
    multi_json (1.7.9)
    multi_xml (0.5.5)
    pdf-reader (1.3.3)
      Ascii85 (~> 1.0.0)
      afm (~> 0.2.0)
      hashery (~> 2.0)
      ruby-rc4
      ttfunk
    ruby-rc4 (0.1.5)
    simplecov (0.7.1)
      multi_json (~> 1.0)
      simplecov-html (~> 0.7.1)
    simplecov-html (0.7.1)
    ttfunk (1.0.3)

PLATFORMS
  ruby

DEPENDENCIES
  httparty
  minitest
  prawn!
  simplecov
